PATH
  remote: .
  specs:
    earl (0.0.1)
      nokogiri (>= 1.4.4)

GEM
  remote: http://rubygems.org/
  specs:
    diff-lcs (1.1.3)
    guard (1.4.0)
      listen (>= 0.4.2)
      thor (>= 0.14.6)
    guard-rspec (1.2.1)
      guard (>= 1.1)
    json (1.7.5)
    listen (0.5.2)
    nokogiri (1.5.5)
    rake (0.9.2.2)
    rdoc (3.12)
      json (~> 1.4)
    rspec (2.8.0)
      rspec-core (~> 2.8.0)
      rspec-expectations (~> 2.8.0)
      rspec-mocks (~> 2.8.0)
    rspec-core (2.8.0)
    rspec-expectations (2.8.0)
      diff-lcs (~> 1.1.2)
    rspec-mocks (2.8.0)
    thor (0.16.0)

PLATFORMS
  ruby

DEPENDENCIES
  bundler (> 1.1.0)
  earl!
  guard-rspec (~> 1.2.0)
  rake (~> 0.9.2.2)
  rdoc (~> 3.11)
  rspec (~> 2.8.0)
